GEM
  remote: https://rubygems.org/
  specs:
    metaclass (0.0.4)
    minitest (5.0.8)
    mocha (1.8.0)
      metaclass (~> 0.0.1)
    rake (12.3.2)

PLATFORMS
  ruby

DEPENDENCIES
  bundler
  minitest (~> 5.0.8)
  mocha
  rake

BUNDLED WITH
   2.0.1
